GEM
  remote: https://rubygems.org/
  specs:
    ast (2.0.0)
    cinch (2.1.0)
    coderay (1.1.0)
    diff-lcs (1.2.5)
    json (1.8.1)
    method_source (0.8.2)
    parser (2.2.0.pre.3)
      ast (>= 1.1, < 3.0)
      slop (~> 3.4, >= 3.4.5)
    powerpack (0.0.9)
    pry (0.10.0)
      coderay (~> 1.1.0)
      method_source (~> 0.8.1)
      slop (~> 3.4)
    rainbow (2.0.0)
    redis (3.1.0)
    redis-namespace (1.5.0)
      redis (~> 3.0, >= 3.0.4)
    rspec (3.0.0)
      rspec-core (~> 3.0.0)
      rspec-expectations (~> 3.0.0)
      rspec-mocks (~> 3.0.0)
    rspec-core (3.0.3)
      rspec-support (~> 3.0.0)
    rspec-expectations (3.0.3)
      diff-lcs (>= 1.2.0, < 2.0)
      rspec-support (~> 3.0.0)
    rspec-mocks (3.0.3)
      rspec-support (~> 3.0.0)
    rspec-support (3.0.3)
    rubocop (0.24.1)
      json (>= 1.7.7, < 2)
      parser (>= 2.2.0.pre.3, < 3.0)
      powerpack (~> 0.0.6)
      rainbow (>= 1.99.1, < 3.0)
      ruby-progressbar (~> 1.4)
    ruby-progressbar (1.5.1)
    slop (3.6.0)
    sysexits (1.1.0)

PLATFORMS
  ruby

DEPENDENCIES
  cinch (~> 2.1.0)
  pry (~> 0.10)
  redis (~> 3.1.0)
  redis-namespace (~> 1.5.0)
  rspec (~> 3.0.0)
  rubocop (~> 0.24.1)
  sysexits (~> 1.1.0)
